GEM
  remote: https://rubygems.org/
  specs:
    cgi (0.3.6)
    concurrent-ruby (1.2.2)
    dotenv (2.8.1)
    erb (4.0.2)
      cgi (>= 0.3.3)
    ffi (1.15.5)
    hanami-router (1.3.2)
      hanami-utils (~> 1.3)
      http_router (= 0.11.2)
      rack (~> 2.0)
    hanami-utils (1.3.8)
      concurrent-ruby (~> 1.0)
      transproc (~> 1.0)
    http_router (0.11.2)
      rack (>= 1.0.0)
      url_mount (~> 0.2.1)
    httparty (0.21.0)
      mini_mime (>= 1.0.0)
      multi_xml (>= 0.5.2)
    listen (3.8.0)
      rb-fsevent (~> 0.10, >= 0.10.3)
      rb-inotify (~> 0.9, >= 0.9.10)
    mini_mime (1.1.2)
    multi_xml (0.6.0)
    nio4r (2.5.8)
    parallel (1.22.1)
    puma (6.1.1)
      nio4r (~> 2.0)
    rack (2.2.6.4)
    rb-fsevent (0.11.2)
    rb-inotify (0.10.1)
      ffi (~> 1.0)
    rerun (0.14.0)
      listen (~> 3.0)
    transproc (1.1.1)
    url_mount (0.2.1)
      rack

PLATFORMS
  arm64-darwin-22

DEPENDENCIES
  dotenv (~> 2.8, >= 2.8.1)
  erb (~> 4.0, >= 4.0.2)
  hanami-router (~> 1.3, >= 1.3.2)
  httparty (~> 0.21.0)
  parallel (~> 1.22, >= 1.22.1)
  puma (~> 6.0, >= 6.1.1)
  rerun (~> 0.14.0)

RUBY VERSION
   ruby 2.7.6p219

BUNDLED WITH
   2.4.8
